PATH
  remote: .
  specs:
    chunky_png (0.12.0)

GEM
  remote: http://rubygems.org/
  specs:
    bouncy-castle-java (1.5.0145.2)
    diff-lcs (1.1.2)
    jruby-openssl (0.7.2)
      bouncy-castle-java
    rake (0.8.7)
    rspec (2.2.0)
      rspec-core (~> 2.2)
      rspec-expectations (~> 2.2)
      rspec-mocks (~> 2.2)
    rspec-core (2.2.1)
    rspec-expectations (2.2.0)
      diff-lcs (~> 1.1.2)
    rspec-mocks (2.2.0)

PLATFORMS
  java
  ruby

DEPENDENCIES
  chunky_png!
  jruby-openssl
  rake
  rspec (~> 2.2)
